GEM
  remote: https://rubygems.org/
  specs:
    addressable (2.5.0)
      public_suffix (~> 2.0, >= 2.0.2)
    coderay (1.1.1)
    desk_api (0.6.2)
      addressable (>= 2.3, < 2.6)
      faraday (>= 0.8, < 1.0)
      simple_oauth (>= 0.1, < 0.4)
    faraday (0.10.0)
      multipart-post (>= 1.2, < 3)
    highline (1.7.8)
    method_source (0.8.2)
    multipart-post (2.0.0)
    pry (0.10.4)
      coderay (~> 1.1.0)
      method_source (~> 0.8.1)
      slop (~> 3.4)
    public_suffix (2.0.4)
    simple_oauth (0.3.1)
    slop (3.6.0)

PLATFORMS
  ruby

DEPENDENCIES
  desk_api
  highline
  pry

RUBY VERSION
   ruby 2.3.3p222

BUNDLED WITH
   1.13.6
