GEM
  remote: https://rubygems.org/
  specs:
    addressable (2.5.2)
      public_suffix (>= 2.0.2, < 4.0)
    coderay (1.1.2)
    desk_api (0.6.2)
      addressable (>= 2.3, < 2.6)
      faraday (>= 0.8, < 1.0)
      simple_oauth (>= 0.1, < 0.4)
    faraday (0.15.3)
      multipart-post (>= 1.2, < 3)
    highline (2.0.0)
    method_source (0.9.0)
    multipart-post (2.0.0)
    pry (0.11.3)
      coderay (~> 1.1.0)
      method_source (~> 0.9.0)
    public_suffix (3.0.3)
    simple_oauth (0.3.1)

PLATFORMS
  ruby

DEPENDENCIES
  desk_api
  highline
  pry

RUBY VERSION
   ruby 2.3.3p222

BUNDLED WITH
   1.14.3
